GEM
  remote: https://rubygems.org/
  specs:
    aggregate (0.2.2)
    ast (2.2.0)
    faraday (0.9.2)
      multipart-post (>= 1.2, < 3)
    librato-metrics (1.6.0)
      aggregate (~> 0.2.2)
      faraday (~> 0.7)
      multi_json
    multi_json (1.11.2)
    multipart-post (2.0.0)
    parser (2.3.0.6)
      ast (~> 2.2)
    powerpack (0.1.1)
    rainbow (2.1.0)
    rubocop (0.37.2)
      parser (>= 2.3.0.4, < 3.0)
      powerpack (~> 0.1)
      rainbow (>= 1.99.1, < 3.0)
      ruby-progressbar (~> 1.7)
      unicode-display_width (~> 0.3)
    ruby-progressbar (1.7.5)
    unicode-display_width (0.3.1)
    yajl-ruby (1.3.0)

PLATFORMS
  ruby

DEPENDENCIES
  librato-metrics
  rubocop
  yajl-ruby

BUNDLED WITH
   1.14.3
